PATH
  remote: ../../xcodebuild-rb
  specs:
    xcodebuild-rb (0.2.0)
      state_machine (~> 1.1.2)

PATH
  remote: ../CocoaPods
  specs:
    cocoapods (0.17.0.rc2)
      activesupport (~> 3.2.6)
      claide (~> 0.2.0)
      cocoapods-core (= 0.17.0.rc2)
      cocoapods-downloader (~> 0.1.0)
      colored (~> 1.2)
      escape (~> 0.0.4)
      faraday (~> 0.8.1)
      json (~> 1.7.3)
      octokit (~> 1.7)
      open4 (~> 1.3.0)
      rake (~> 10.0.0)
      xcodeproj (~> 0.5.1)

PATH
  remote: ../Core
  specs:
    cocoapods-core (0.17.0.rc2)
      activesupport (~> 3.2.6)
      faraday (~> 0.8.1)
      octokit (~> 1.7)
      rake (~> 10.0.0)

GEM
  remote: http://rubygems.org/
  specs:
    activesupport (3.2.12)
      i18n (~> 0.6)
      multi_json (~> 1.0)
    addressable (2.3.3)
    claide (0.2.0)
    cocoapods-downloader (0.1.0)
    colored (1.2)
    escape (0.0.4)
    faraday (0.8.6)
      multipart-post (~> 1.1)
    faraday_middleware (0.9.0)
      faraday (>= 0.7.4, < 0.9)
    hashie (1.2.0)
    i18n (0.6.4)
    json (1.7.7)
    multi_json (1.6.1)
    multipart-post (1.2.0)
    netrc (0.7.7)
    octokit (1.23.0)
      addressable (~> 2.2)
      faraday (~> 0.8)
      faraday_middleware (~> 0.9)
      hashie (~> 1.2)
      multi_json (~> 1.3)
      netrc (~> 0.7.7)
    open4 (1.3.0)
    rake (10.0.3)
    state_machine (1.1.2)
    xcodeproj (0.5.1)
      activesupport (~> 3.2.6)
      colored (~> 1.2)

PLATFORMS
  ruby

DEPENDENCIES
  cocoapods!
  cocoapods-core!
  xcodebuild-rb!
